GEM
  remote: https://rubygems.org/
  specs:
    addressable (2.3.2)
    cookiejar (0.3.0)
    em-http-request (1.0.3)
      addressable (>= 2.2.3)
      cookiejar
      em-socksify
      eventmachine (>= 1.0.0.beta.4)
      http_parser.rb (>= 0.5.3)
    em-socksify (0.2.1)
      eventmachine (>= 1.0.0.beta.4)
    eventmachine (1.0.0.rc.4)
    http_parser.rb (0.5.3)
    json (2.3.0)
    parseconfig (1.0.2)

PLATFORMS
  ruby

DEPENDENCIES
  em-http-request
  eventmachine
  json
  parseconfig
